GEM
  remote: http://rubygems.org/
  specs:
    actionpack (4.1.5)
      actionview (= 4.1.5)
      activesupport (= 4.1.5)
      rack (~> 1.5.2)
      rack-test (~> 0.6.2)
    actionview (4.1.5)
      activesupport (= 4.1.5)
      builder (~> 3.1)
      erubis (~> 2.7.0)
    activemodel (4.1.5)
      activesupport (= 4.1.5)
      builder (~> 3.1)
    activerecord (4.1.5)
      activemodel (= 4.1.5)
      activesupport (= 4.1.5)
      arel (~> 5.0.0)
    activesupport (4.1.5)
      i18n (~> 0.6, >= 0.6.9)
      json (~> 1.7, >= 1.7.7)
      minitest (~> 5.1)
      thread_safe (~> 0.1)
      tzinfo (~> 1.1)
    addressable (2.3.6)
    arel (5.0.1.20140414130214)
    backports (3.6.0)
    bcrypt (3.1.7)
    bcrypt-ruby (3.1.5)
      bcrypt (>= 3.1.3)
    bond (0.5.1)
    builder (3.2.2)
    capybara (2.4.1)
      mime-types (>= 1.16)
      nokogiri (>= 1.3.3)
      rack (>= 1.0.0)
      rack-test (>= 0.5.4)
      xpath (~> 2.0)
    childprocess (0.5.3)
      ffi (~> 1.0, >= 1.0.11)
    chromedriver-helper (0.0.7)
      nokogiri
    coderay (1.1.0)
    coffee-script (2.3.0)
      coffee-script-source
      execjs
    coffee-script-source (1.8.0)
    cucumber (1.3.16)
      builder (>= 2.1.2)
      diff-lcs (>= 1.1.3)
      gherkin (~> 2.12)
      multi_json (>= 1.7.5, < 2.0)
      multi_test (>= 0.1.1)
    data_mapper (1.2.0)
      dm-aggregates (~> 1.2.0)
      dm-constraints (~> 1.2.0)
      dm-core (~> 1.2.0)
      dm-migrations (~> 1.2.0)
      dm-serializer (~> 1.2.0)
      dm-timestamps (~> 1.2.0)
      dm-transactions (~> 1.2.0)
      dm-types (~> 1.2.0)
      dm-validations (~> 1.2.0)
    data_objects (0.10.14)
      addressable (~> 2.1)
    diff-lcs (1.2.5)
    dm-aggregates (1.2.0)
      dm-core (~> 1.2.0)
    dm-constraints (1.2.0)
      dm-core (~> 1.2.0)
    dm-core (1.2.1)
      addressable (~> 2.3)
    dm-do-adapter (1.2.0)
      data_objects (~> 0.10.6)
      dm-core (~> 1.2.0)
    dm-migrations (1.2.0)
      dm-core (~> 1.2.0)
    dm-postgres-adapter (1.2.0)
      dm-do-adapter (~> 1.2.0)
      do_postgres (~> 0.10.6)
    dm-serializer (1.2.2)
      dm-core (~> 1.2.0)
      fastercsv (~> 1.5)
      json (~> 1.6)
      json_pure (~> 1.6)
      multi_json (~> 1.0)
    dm-sqlite-adapter (1.2.0)
      dm-do-adapter (~> 1.2.0)
      do_sqlite3 (~> 0.10.6)
    dm-timestamps (1.2.0)
      dm-core (~> 1.2.0)
    dm-transactions (1.2.0)
      dm-core (~> 1.2.0)
    dm-types (1.2.2)
      bcrypt-ruby (~> 3.0)
      dm-core (~> 1.2.0)
      fastercsv (~> 1.5)
      json (~> 1.6)
      multi_json (~> 1.0)
      stringex (~> 1.4)
      uuidtools (~> 2.1)
    dm-validations (1.2.0)
      dm-core (~> 1.2.0)
    do_postgres (0.10.14)
      data_objects (= 0.10.14)
    do_sqlite3 (0.10.14)
      data_objects (= 0.10.14)
    docile (1.1.5)
    erubis (2.7.0)
    ethon (0.7.1)
      ffi (>= 1.3.0)
    execjs (2.2.1)
    faraday (0.9.0)
      multipart-post (>= 1.2, < 3)
    faraday_middleware (0.9.1)
      faraday (>= 0.7.4, < 0.10)
    fastercsv (1.5.5)
    ffi (1.9.3)
    gh (0.13.2)
      addressable
      backports
      faraday (~> 0.8)
      multi_json (~> 1.0)
      net-http-persistent (>= 2.7)
      net-http-pipeline
    gherkin (2.12.2)
      multi_json (~> 1.3)
    haml (4.0.5)
      tilt
    highline (1.6.21)
    i18n (0.6.11)
    json (1.8.1)
    json_pure (1.8.1)
    launchy (2.4.2)
      addressable (~> 2.3)
    libv8 (3.16.14.3)
    libwebsocket (0.1.8)
      addressable
      websocket
    method_source (0.8.2)
    mime-types (2.3)
    mini_portile (0.6.0)
    minitest (5.4.1)
    multi_json (1.10.1)
    multi_test (0.1.1)
    multipart-post (2.0.0)
    net-http-persistent (2.9.4)
    net-http-pipeline (1.0.1)
    newrelic_rpm (3.9.3.241)
    nokogiri (1.6.3.1)
      mini_portile (= 0.6.0)
    parallel (1.3.0)
    parallel_tests (1.0.6)
      parallel
    pg (0.17.1)
    pry (0.9.12.6)
      coderay (~> 1.0)
      method_source (~> 0.8)
      slop (~> 3.4)
    pusher-client (0.6.0)
      json
      websocket (~> 1.0)
    rack (1.5.2)
    rack-google-analytics (1.2.0)
      actionpack
      activesupport
    rack-protection (1.5.3)
      rack
    rack-test (0.6.2)
      rack (>= 1.0)
    rake (10.3.2)
    ref (1.0.5)
    ripl (0.7.1)
      bond (~> 0.5.1)
    ripl-multi_line (0.3.1)
      ripl (>= 0.3.6)
    ripl-rack (0.2.1)
      rack (>= 1.0)
      rack-test (~> 0.6.2)
      ripl (>= 0.7.0)
    rubyzip (1.1.6)
    selenium-webdriver (2.27.2)
      childprocess (>= 0.2.5)
      libwebsocket (~> 0.1.3)
      multi_json (~> 1.0)
      rubyzip
    shotgun (0.9)
      rack (>= 1.0)
    simplecov (0.9.0)
      docile (~> 1.1.0)
      multi_json
      simplecov-html (~> 0.8.0)
    simplecov-html (0.8.0)
    sinatra (1.4.5)
      rack (~> 1.4)
      rack-protection (~> 1.4)
      tilt (~> 1.3, >= 1.3.4)
    sinatra-activerecord (2.0.2)
      activerecord (>= 3.2)
      sinatra (~> 1.0)
    slim (2.0.3)
      temple (~> 0.6.6)
      tilt (>= 1.3.3, < 2.1)
    slop (3.6.0)
    sqlite3 (1.3.9)
    stringex (1.5.1)
    temple (0.6.8)
    therubyracer (0.12.1)
      libv8 (~> 3.16.14.0)
      ref
    thread_safe (0.3.4)
    tilt (1.4.1)
    travis (1.7.1)
      addressable (~> 2.3)
      backports
      faraday (~> 0.9)
      faraday_middleware (~> 0.9, >= 0.9.1)
      gh (~> 0.13)
      highline (~> 1.6)
      launchy (~> 2.1)
      pry (~> 0.9, < 0.10)
      pusher-client (~> 0.4)
      typhoeus (~> 0.6, >= 0.6.8)
    tux (0.3.0)
      ripl (>= 0.3.5)
      ripl-multi_line (>= 0.2.4)
      ripl-rack (>= 0.2.0)
      sinatra (>= 1.2.1)
    typhoeus (0.6.9)
      ethon (>= 0.7.1)
    tzinfo (1.2.2)
      thread_safe (~> 0.1)
    uuidtools (2.1.5)
    warden (1.2.3)
      rack (>= 1.0)
    websocket (1.2.1)
    xpath (2.0.0)
      nokogiri (~> 1.3)
    zip (2.0.2)

PLATFORMS
  ruby

DEPENDENCIES
  activerecord
  capybara
  chromedriver-helper
  coffee-script
  cucumber
  data_mapper
  dm-postgres-adapter
  dm-sqlite-adapter
  haml
  json
  newrelic_rpm
  parallel_tests
  pg
  rack-google-analytics
  rack-test
  rake
  selenium-webdriver
  shotgun
  simplecov
  sinatra
  sinatra-activerecord
  slim
  sqlite3
  therubyracer
  tilt (~> 1.4.1)
  travis
  tux
  warden
  zip
